GEM
  remote: https://rubygems.org/
  specs:
    daemons (1.1.9)
    eventmachine (1.0.3)
    eventmachine (1.0.3-x86-mingw32)
    hike (1.2.3)
    multi_json (1.9.3)
    rack (1.5.2)
    rack-protection (1.5.2)
      rack
    sass (3.3.6)
    sinatra (1.4.4)
      rack (~> 1.4)
      rack-protection (~> 1.4)
      tilt (~> 1.3, >= 1.3.4)
    sprockets (2.12.1)
      hike (~> 1.2)
      multi_json (~> 1.0)
      rack (~> 1.0)
      tilt (~> 1.1, != 1.3.0)
    thin (1.6.2)
      daemons (>= 1.0.9)
      eventmachine (>= 1.0.0)
      rack (>= 1.0.0)
    tilt (1.4.1)

PLATFORMS
  ruby
  x86-mingw32

DEPENDENCIES
  sass (~> 3.3)
  sinatra (~> 1.4)
  sprockets (~> 2.12)
  thin (~> 1.6)
